GEM
  remote: https://rubygems.org/
  specs:
    celluloid (0.16.0.pre3)
      timers (~> 4.0.0)
    celluloid-io (0.16.0.pre)
      celluloid (>= 0.16.0.pre)
      nio4r (>= 1.0.0)
    celluloid-redis (0.0.2)
      celluloid-io (>= 0.13.0.pre)
      redis
    coderay (1.1.0)
    connection_pool (2.0.0)
    ffi (1.9.3-java)
    hiredis (0.4.5)
    hiredis (0.4.5-java)
    hitimes (1.2.2-java)
    jdbc-mysql (5.1.30)
    json (1.8.1)
    json (1.8.1-java)
    method_source (0.8.2)
    nio4r (1.0.0)
    nio4r (1.0.0-java)
    pry (0.9.12.6)
      coderay (~> 1.0)
      method_source (~> 0.8)
      slop (~> 3.4)
    pry (0.9.12.6-java)
      coderay (~> 1.0)
      method_source (~> 0.8)
      slop (~> 3.4)
      spoon (~> 0.0)
    redis (3.0.7)
    slop (3.5.0)
    spoon (0.0.4)
      ffi
    timers (4.0.0)
      hitimes

PLATFORMS
  java

DEPENDENCIES
  celluloid
  celluloid-io
  celluloid-redis
  connection_pool (~> 2.0.0)
  hiredis (~> 0.4.5)
  jdbc-mysql
  json
  pry
  redis (~> 3.0.1)
