GEM
  remote: https://rubygems.org/
  specs:
    celluloid (0.15.2)
      timers (~> 1.1.0)
    celluloid-io (0.15.0)
      celluloid (>= 0.15.0)
      nio4r (>= 0.5.0)
    celluloid-redis (0.0.2)
      celluloid-io (>= 0.13.0.pre)
      redis
    coderay (1.1.0)
    connection_pool (2.0.0)
    eventmachine (1.0.3)
    eventmachine (1.0.3-java)
    ffi (1.9.3-java)
    hiredis (0.4.5)
    hiredis (0.4.5-java)
    instrumental_agent (0.12.5)
    jdbc-mysql (5.1.28)
    json (1.5.0-java)
    json-jruby (1.5.0-java)
      json (= 1.5.0)
    method_source (0.8.2)
    mysql2 (0.3.15)
    nio4r (1.0.0)
    nio4r (1.0.0-java)
    pry (0.9.12.6)
      coderay (~> 1.0)
      method_source (~> 0.8)
      slop (~> 3.4)
    pry (0.9.12.6-java)
      coderay (~> 1.0)
      method_source (~> 0.8)
      slop (~> 3.4)
      spoon (~> 0.0)
    redis (3.0.7)
    slop (3.5.0)
    spoon (0.0.4)
      ffi
    timers (1.1.0)

PLATFORMS
  java
  ruby

DEPENDENCIES
  celluloid
  celluloid-io
  celluloid-redis
  connection_pool (~> 2.0.0)
  eventmachine (~> 1.0.3)
  hiredis (~> 0.4.5)
  instrumental_agent
  jdbc-mysql
  json-jruby
  mysql2
  pry
  redis (~> 3.0.1)
