GEM
  remote: https://rubygems.org/
  specs:
    binding_of_caller (0.7.2)
      debug_inspector (>= 0.0.1)
    celluloid (0.15.2)
      timers (~> 1.1.0)
    celluloid-io (0.15.0)
      celluloid (>= 0.15.0)
      nio4r (>= 0.5.0)
    celluloid-redis (0.0.2)
      celluloid-io (>= 0.13.0.pre)
      redis
    coderay (1.1.0)
    columnize (0.3.6)
    connection_pool (2.0.0)
    debug_inspector (0.0.2)
    debugger (1.6.6)
      columnize (>= 0.3.1)
      debugger-linecache (~> 1.2.0)
      debugger-ruby_core_source (~> 1.3.2)
    debugger-linecache (1.2.0)
    debugger-ruby_core_source (1.3.2)
    eventmachine (1.0.3)
    eventmachine (1.0.3-java)
    ffi (1.9.3-java)
    instrumental_agent (0.12.5)
    method_source (0.8.2)
    mysql2 (0.3.15)
    nio4r (1.0.0)
    nio4r (1.0.0-java)
    pry (0.9.12.6)
      coderay (~> 1.0)
      method_source (~> 0.8)
      slop (~> 3.4)
    pry (0.9.12.6-java)
      coderay (~> 1.0)
      method_source (~> 0.8)
      slop (~> 3.4)
      spoon (~> 0.0)
    pry-debugger (0.2.2)
      debugger (~> 1.3)
      pry (~> 0.9.10)
    pry-stack_explorer (0.4.9.1)
      binding_of_caller (>= 0.7)
      pry (>= 0.9.11)
    redis (3.0.7)
    slop (3.5.0)
    spoon (0.0.4)
      ffi
    timers (1.1.0)
    yajl-ruby (1.2.0)

PLATFORMS
  java
  ruby

DEPENDENCIES
  celluloid
  celluloid-io
  celluloid-redis
  connection_pool (~> 2.0.0)
  eventmachine (~> 1.0.3)
  instrumental_agent
  mysql2
  pry
  pry-debugger
  pry-stack_explorer
  redis (~> 3.0.5)
  yajl-ruby
