GEM
  remote: https://rubygems.org/
  specs:
    coderay (1.1.0)
    eventmachine (1.0.3)
    eventmachine (1.0.3-java)
    ffi (1.9.3)
    ffi (1.9.3-java)
    hiredis (0.4.5)
    hiredis (0.4.5-java)
    instrumental_agent (0.12.5)
    jdbc-mysql (5.1.28)
    json (1.5.0-java)
    json-jruby (1.5.0-java)
      json (= 1.5.0)
    method_source (0.8.2)
    mysql2 (0.3.15)
    pry (0.9.12.6)
      coderay (~> 1.0)
      method_source (~> 0.8)
      slop (~> 3.4)
    pry (0.9.12.6-java)
      coderay (~> 1.0)
      method_source (~> 0.8)
      slop (~> 3.4)
      spoon (~> 0.0)
    redis (3.0.7)
    slop (3.5.0)
    spoon (0.0.4)
      ffi

PLATFORMS
  java
  ruby

DEPENDENCIES
  eventmachine (~> 1.0.3)
  hiredis (~> 0.4.5)
  instrumental_agent
  jdbc-mysql
  json-jruby
  mysql2
  pry
  redis (~> 3.0.1)
